PATH
  remote: .
  specs:
    tapp (1.0.0)

GEM
  remote: http://rubygems.org/
  specs:

PLATFORMS
  ruby

DEPENDENCIES
  tapp!
